GEM
  remote: http://rubygems.org/
  specs:
    ast (2.3.0)
    byebug (9.0.5)
    parser (2.3.1.2)
      ast (~> 2.2)
    powerpack (0.1.1)
    rack (1.5.5)
    rainbow (2.1.0)
    rubocop (0.40.0)
      parser (>= 2.3.1.0, < 3.0)
      powerpack (~> 0.1)
      rainbow (>= 1.99.1, < 3.0)
      ruby-progressbar (~> 1.7)
      unicode-display_width (~> 1.0, >= 1.0.1)
    ruby-progressbar (1.8.1)
    unicode-display_width (1.0.5)

PLATFORMS
  ruby

DEPENDENCIES
  byebug
  rack (~> 1.5.2)
  rubocop

BUNDLED WITH
   1.11.2
